GIT
  remote: git://github.com/Jberlinsky/journey.git
  revision: 2d2980352d2f9d1bd61ab79784f9549ce40ec39c
  ref: v1.0.3-shim
  specs:
    journey (1.0.4.20120222115248)

GIT
  remote: https://github.com/Jberlinsky/heroku_san.git
  revision: 3ad7d89733bc9aa82a514b9557d51f0486f0177f
  ref: 3ad7d89
  specs:
    heroku_san (3.0.1)
      activesupport
      heroku (>= 2)
      heroku-api (>= 0.1.2)
      rake

GIT
  remote: https://github.com/Jberlinsky/km-db.git
  revision: 65bf2c5ffc203a773c9cc2d491306924a6c78cd2
  ref: 65bf2c5ffc203a773c9cc2d491306924a6c78cd2
  specs:
    km-db (0.2)
      activerecord
      andand
      parallel
      progressbar
      yajl-ruby

GIT
  remote: https://github.com/Jberlinsky/leftronic-gem.git
  revision: a090bf1d49004f501c9164d5dcd51761b48803e4
  ref: a090bf1d49004f501c9164d5dcd51761b48803e4
  specs:
    leftronic (0.0.4)

GIT
  remote: https://github.com/turingstudio/contacts.git
  revision: aa86d2ff8e566a801953300dd1848725f722c020
  ref: aa86d2f
  specs:
    turing-contacts (0.2.6)
      hpricot
      httparty
      json
      nokogiri
      oauth (= 0.3.6)

GEM
  remote: http://rubygems.org/
  remote: http://gems.github.com/
  specs:
    RedCloth (4.2.9)
    actionmailer (3.2.21)
      actionpack (= 3.2.21)
      mail (~> 2.5.4)
    actionpack (3.2.21)
      activemodel (= 3.2.21)
      activesupport (= 3.2.21)
      builder (~> 3.0.0)
      erubis (~> 2.7.0)
      journey (~> 1.0.4)
      rack (~> 1.4.5)
      rack-cache (~> 1.2)
      rack-test (~> 0.6.1)
      sprockets (~> 2.2.1)
    activemodel (3.2.21)
      activesupport (= 3.2.21)
      builder (~> 3.0.0)
    activerecord (3.2.21)
      activemodel (= 3.2.21)
      activesupport (= 3.2.21)
      arel (~> 3.0.2)
      tzinfo (~> 0.3.29)
    activeresource (3.2.21)
      activemodel (= 3.2.21)
      activesupport (= 3.2.21)
    activesupport (3.2.21)
      i18n (~> 0.6, >= 0.6.4)
      multi_json (~> 1.0)
    acts-as-taggable-on (2.3.1)
      rails (~> 3.0)
    acts_as_api (0.3.11)
      activemodel (>= 3.0.0)
      activesupport (>= 3.0.0)
      rack (>= 1.1.0)
    addressable (2.2.8)
    airbrake (3.1.2)
      activesupport
      builder
    amatch (0.2.10)
      tins (~> 0.3)
    amazon-ec2 (0.9.17)
      xml-simple (>= 1.0.12)
    andand (1.3.3)
    area (0.9.0)
      fastercsv (~> 1.5)
    arel (3.0.3)
    aws-s3 (0.6.3)
      builder
      mime-types
      xml-simple
    barometer (0.8.0)
      crack
      httparty (>= 0.4.5)
      nokogiri
      tzinfo (>= 0.3.14)
      yajl-ruby
    bcrypt (3.1.7)
    bcrypt-ruby (3.1.5)
      bcrypt (>= 3.1.3)
    bourbon (3.1.8)
      sass (>= 3.2.0)
      thor
    brakeman (1.8.2)
      activesupport
      erubis (~> 2.6)
      fastercsv (~> 1.5)
      haml (~> 3.0)
      highline (~> 1.6)
      i18n
      json_pure
      ruby2ruby (~> 1.2)
      ruby_parser (= 2.3.1)
      sass (~> 3.0)
      terminal-table (~> 1.4)
    bson (1.6.4)
    bson_ext (1.6.1)
      bson (~> 1.6.1)
    builder (3.0.0)
    cancan (1.6.7)
    capybara (2.5.0)
      mime-types (>= 1.16)
      nokogiri (>= 1.3.3)
      rack (>= 1.0.0)
      rack-test (>= 0.5.4)
      xpath (~> 2.0)
    capybara-screenshot (1.0.11)
      capybara (>= 1.0, < 3)
      launchy
    cocaine (0.3.2)
    coderay (1.0.9)
    colored (1.2)
    crack (0.4.2)
      safe_yaml (~> 1.0.0)
    creole (0.5.0)
    css_parser (1.3.5)
      addressable
    cucumber (1.1.0)
      builder (>= 2.1.2)
      diff-lcs (>= 1.1.2)
      gherkin (~> 2.5.0)
      json (>= 1.4.6)
      term-ansicolor (>= 1.0.6)
    cucumber-rails (1.1.1)
      capybara (>= 1.1.1)
      cucumber (>= 1.1.0)
      nokogiri (>= 1.5.0)
    daemons (1.1.9)
    dalli (1.1.5)
    database_cleaner (0.7.1)
    deadweight (0.2.1)
      nokogiri
    devise (2.0.5)
      bcrypt-ruby (~> 3.0)
      orm_adapter (~> 0.0.3)
      railties (~> 3.1)
      warden (~> 1.1.1)
    diff-lcs (1.2.5)
    erubis (2.7.0)
    escape (0.0.4)
    eventmachine (1.0.3)
    excon (0.15.5)
    execjs (2.0.2)
    factory_girl (2.6.3)
      activesupport (>= 2.3.9)
    faraday (0.7.6)
      addressable (~> 2.2)
      multipart-post (~> 1.1)
      rack (~> 1.1)
    fastercsv (1.5.5)
    foreman (0.40.0)
      term-ansicolor (~> 1.0.7)
      thor (>= 0.13.6)
    forgery (0.5.0)
    formtastic (2.0.2)
      rails (~> 3.0)
    geocoder (1.0.5)
    gherkin (2.5.4)
      json (>= 1.4.6)
    git (1.2.6)
    github_api (0.4.10)
      faraday (~> 0.7.6)
      hashie (~> 1.2.0)
      multi_json (~> 1.0)
      oauth2 (~> 0.5.2)
    glebm-geokit (1.5.2)
    guardrail_notifier (0.2.12)
    haml (3.1.8)
    hashie (1.2.0)
    heroku (2.28.7)
      heroku-api (~> 0.2.6)
      launchy (>= 0.3.2)
      netrc (~> 0.7.5)
      rest-client (~> 1.6.1)
      rubyzip
    heroku-api (0.2.13)
      excon (~> 0.15.4)
    highline (1.6.21)
    hike (1.2.3)
    honeybadger (1.11.2)
      json
    hpricot (0.8.6)
    htmlentities (4.3.1)
    httparty (0.11.0)
      multi_json (~> 1.0)
      multi_xml (>= 0.5.2)
    i18n (0.7.0)
    iconv (1.0.4)
    jar_wrapper (0.1.8)
      zip
    jeweler (2.0.1)
      builder
      bundler (>= 1.0)
      git (>= 1.2.5)
      github_api
      highline (>= 1.6.15)
      nokogiri (>= 1.5.10)
      rake
      rdoc
    json (1.6.6)
    json_pure (1.8.1)
    km (1.1.2)
    launchy (2.1.0)
      addressable (~> 2.2.6)
    loofah (2.0.1)
      nokogiri (>= 1.5.9)
    mail (2.5.4)
      mime-types (~> 1.16)
      treetop (~> 1.4.8)
    mcbean (0.4.0)
      RedCloth (>= 4.2.0)
      creole (>= 0.3.7)
      loofah (>= 0.4.7)
      rdiscount (>= 1.6.0)
    method_source (0.8.2)
    mime-types (1.25.1)
    mongo (1.6.4)
      bson (~> 1.6.4)
    mongo_mapper (0.11.0)
      activemodel (~> 3.0)
      activesupport (~> 3.0)
      plucky (~> 0.4.0)
    multi_json (1.2.0)
    multi_xml (0.5.5)
    multipart-post (1.2.0)
    mustache (0.99.4)
    netrc (0.7.7)
    newrelic_rpm (3.7.3.204)
    nokogiri (1.5.11)
    oauth (0.3.6)
      ruby-hmac (>= 0.3.1)
    oauth2 (0.5.2)
      faraday (~> 0.7)
      multi_json (~> 1.0)
    omniauth (1.0.3)
      hashie (~> 1.2)
      rack
    omniauth-facebook (1.2.0)
      omniauth-oauth2 (~> 1.0.0)
    omniauth-oauth2 (1.0.0)
      oauth2 (~> 0.5.0)
      omniauth (~> 1.0)
    orm_adapter (0.0.7)
    paperclip (2.4.5)
      activerecord (>= 2.3.0)
      activesupport (>= 2.3.2)
      cocaine (>= 0.0.2)
      mime-types
    parallel (1.0.0)
    permanent_records (2.1.2)
      activerecord
    pg (0.13.2)
    plucky (0.4.4)
      mongo (~> 1.5)
    polyglot (0.3.5)
    pr_geohash (1.0.0)
    premailer (1.7.3)
      css_parser (>= 1.1.9)
      htmlentities (>= 4.0.0)
    progressbar (0.21.0)
    pry (0.9.11.4)
      coderay (~> 1.0.5)
      method_source (~> 0.8)
      slop (~> 3.4)
    rack (1.4.5)
    rack-cache (1.2)
      rack (>= 0.4)
    rack-contrib (1.1.0)
      rack (>= 0.9.1)
    rack-ssl (1.3.2)
      rack
    rack-test (0.6.1)
      rack (>= 1.0)
    rack-timeout (0.0.3)
    rails (3.2.21)
      actionmailer (= 3.2.21)
      actionpack (= 3.2.21)
      activerecord (= 3.2.21)
      activeresource (= 3.2.21)
      activesupport (= 3.2.21)
      bundler (~> 1.0)
      railties (= 3.2.21)
    railties (3.2.21)
      actionpack (= 3.2.21)
      activesupport (= 3.2.21)
      rack-ssl (~> 1.3.2)
      rake (>= 0.8.7)
      rdoc (~> 3.4)
      thor (>= 0.14.6, < 2.0)
    rake (0.9.2.2)
    rb-readline (0.4.2)
    rdiscount (2.1.8)
    rdoc (3.12.2)
      json (~> 1.4)
    redcarpet (2.0.1)
    redis (2.2.2)
    redis-namespace (1.0.3)
      redis (< 3.0.0)
    require_all (1.2.1)
    resque (1.19.0)
      multi_json (~> 1.0)
      redis-namespace (~> 1.0.2)
      sinatra (>= 0.9.2)
      vegas (~> 0.1.2)
    resque-cleaner (0.2.7)
      resque (~> 1.0)
    resque-honeybadger (1.0.2)
      honeybadger
      resque (>= 1.8.0)
    resque-scheduler (1.9.9)
      redis (>= 2.0.1)
      resque (>= 1.8.0)
      rufus-scheduler
    resque_spec (0.17.0)
      resque (>= 1.19.0)
      rspec-core (>= 3.0.0)
      rspec-expectations (>= 3.0.0)
      rspec-mocks (>= 3.0.0)
    rest-client (1.6.7)
      mime-types (>= 1.16)
    rmagick (2.15.4)
    rsolr (1.0.10)
      builder (>= 2.1.2)
    rspec-core (3.2.3)
      rspec-support (~> 3.2.0)
    rspec-expectations (3.2.1)
      diff-lcs (>= 1.2.0, < 2.0)
      rspec-support (~> 3.2.0)
    rspec-mocks (3.2.1)
      diff-lcs (>= 1.2.0, < 2.0)
      rspec-support (~> 3.2.0)
    rspec-rails (3.2.3)
      actionpack (>= 3.0, < 4.3)
      activesupport (>= 3.0, < 4.3)
      railties (>= 3.0, < 4.3)
      rspec-core (~> 3.2.0)
      rspec-expectations (~> 3.2.0)
      rspec-mocks (~> 3.2.0)
      rspec-support (~> 3.2.0)
    rspec-support (3.2.2)
    ruby-hmac (0.4.0)
    ruby2ruby (1.3.1)
      ruby_parser (~> 2.0)
      sexp_processor (~> 3.0)
    ruby_parser (2.3.1)
      sexp_processor (~> 3.0)
    rubyzip (1.1.7)
    rufus-scheduler (3.0.7)
      tzinfo
    safe_yaml (1.0.2)
    sanitize (2.0.3)
      nokogiri (>= 1.4.4, < 1.6)
    sass (3.2.19)
    sass-rails (3.2.6)
      railties (~> 3.2.0)
      sass (>= 3.1.10)
      tilt (~> 1.3)
    selenium (0.2.5)
      jar_wrapper
      jeweler
    sexp_processor (3.2.0)
    simplecov (0.6.4)
      multi_json (~> 1.0)
      simplecov-html (~> 0.5.3)
    simplecov-html (0.5.3)
    sinatra (1.2.7)
      rack (~> 1.1)
      tilt (>= 1.2.2, < 2.0)
    slop (3.5.0)
    spork (0.9.2)
    sprockets (2.2.1)
      hike (~> 1.2)
      multi_json (~> 1.0)
      rack (~> 1.0)
      tilt (~> 1.1, != 1.3.0)
    sunspot (1.3.0)
      escape (~> 0.0.4)
      pr_geohash (~> 1.0)
      rsolr (~> 1.0.6)
    sunspot_rails (1.3.0)
      nokogiri
      sunspot (= 1.3.0)
    sunspot_solr (1.3.0)
      escape (~> 0.0.4)
    term-ansicolor (1.0.7)
    terminal-table (1.4.5)
    thin (1.3.1)
      daemons (>= 1.0.9)
      eventmachine (>= 0.12.6)
      rack (>= 1.0.0)
    thor (0.19.1)
    tilt (1.4.1)
    tins (0.13.2)
    treetop (1.4.10)
      polyglot
      polyglot (>= 0.3.1)
    trollop (1.16.2)
    tzinfo (0.3.32)
    uglifier (1.2.3)
      execjs (>= 0.3.0)
      multi_json (>= 1.0.2)
    vegas (0.1.11)
      rack (>= 1.0.0)
    warden (1.1.1)
      rack (>= 1.0)
    xml-simple (1.1.4)
    xpath (2.0.0)
      nokogiri (~> 1.3)
    yajl-ruby (1.2.0)
    zip (2.0.2)

PLATFORMS
  ruby

DEPENDENCIES
  acts-as-taggable-on (= 2.3.1)
  acts_as_api (= 0.3.11)
  airbrake (= 3.1.2)
  amatch (= 0.2.10)
  amazon-ec2 (= 0.9.17)
  area (= 0.9.0)
  aws-s3
  barometer (= 0.8.0)
  bourbon (= 3.1.8)
  brakeman (= 1.8.2)
  bson_ext
  builder (= 3.0.0)
  cancan (= 1.6.7)
  capybara
  capybara-screenshot
  cocaine (= 0.3.2)
  colored (= 1.2)
  cucumber (= 1.1.0)
  cucumber-rails (= 1.1.1)
  dalli (= 1.1.5)
  database_cleaner
  deadweight (= 0.2.1)
  devise (= 2.0.5)
  factory_girl (= 2.6.3)
  foreman (= 0.40.0)
  forgery (= 0.5.0)
  formtastic (= 2.0.2)
  geocoder (= 1.0.5)
  glebm-geokit (= 1.5.2)
  guardrail_notifier (= 0.2.12)
  haml
  heroku (= 2.28.7)
  heroku_san!
  honeybadger
  hpricot (= 0.8.6)
  i18n
  iconv
  journey!
  json (= 1.6.6)
  km (= 1.1.2)
  km-db!
  launchy (= 2.1.0)
  leftronic!
  loofah
  mail
  mcbean
  mongo_mapper (= 0.11.0)
  multi_json (= 1.2.0)
  mustache (= 0.99.4)
  newrelic_rpm
  nokogiri
  omniauth (= 1.0.3)
  omniauth-facebook (= 1.2.0)
  paperclip (= 2.4.5)
  permanent_records (= 2.1.2)
  pg (= 0.13.2)
  premailer (= 1.7.3)
  pry (= 0.9.11.4)
  rack (= 1.4.5)
  rack-cache (= 1.2)
  rack-contrib (= 1.1.0)
  rack-ssl (= 1.3.2)
  rack-test (= 0.6.1)
  rack-timeout (= 0.0.3)
  rails (= 3.2.21)
  rake (= 0.9.2.2)
  rb-readline (= 0.4.2)
  redcarpet (= 2.0.1)
  redis (= 2.2.2)
  redis-namespace (= 1.0.3)
  require_all (= 1.2.1)
  resque (= 1.19.0)
  resque-cleaner (= 0.2.7)
  resque-honeybadger
  resque-scheduler (= 1.9.9)
  resque_spec
  rest-client (= 1.6.7)
  rmagick (~> 2.15.4)
  rspec-mocks
  rspec-rails (~> 3.2.1)
  sanitize (= 2.0.3)
  sass (= 3.2.19)
  sass-rails
  selenium (= 0.2.5)
  simplecov (= 0.6.4)
  sinatra (= 1.2.7)
  spork (= 0.9.2)
  sprockets (= 2.2.1)
  sunspot_rails (= 1.3.0)
  sunspot_solr (= 1.3.0)
  thin (= 1.3.1)
  treetop (= 1.4.10)
  trollop (= 1.16.2)
  turing-contacts!
  tzinfo (= 0.3.32)
  uglifier (= 1.2.3)
