GEM
  remote: http://rubygems.org/
  specs:
    BlueCloth (1.0.1)
    POpen4 (0.1.4)
      Platform (>= 0.4.0)
      open4
    Platform (0.4.0)
    RedCloth (4.2.3)
    Saikuro (1.1.0)
    SystemTimer (1.2.1)
    ZenTest (4.4.2)
    aasm (2.2.0)
    abstract (1.0.0)
    actionmailer (2.3.9)
      actionpack (= 2.3.9)
    actionpack (2.3.9)
      activesupport (= 2.3.9)
      rack (~> 1.1.0)
    activerecord (2.3.9)
      activesupport (= 2.3.9)
    activeresource (2.3.9)
      activesupport (= 2.3.9)
    activesupport (2.3.9)
    acts-as-list (0.1.2)
    acts-as-taggable-on (2.0.6)
    addressable (2.2.3)
    arrayfields (4.7.4)
    authlogic (2.1.6)
      activesupport
    authlogic_oauth2 (1.1.2)
      authlogic
      oauth2
    autotest-rails (4.1.0)
      ZenTest
    cancan (1.5.1)
    capistrano (2.5.19)
      highline
      net-scp (>= 1.0.0)
      net-sftp (>= 2.0.0)
      net-ssh (>= 2.0.14)
      net-ssh-gateway (>= 1.0.0)
    capistrano-ext (1.2.1)
      capistrano (>= 1.0.0)
    cgi_multipart_eof_fix (2.5.0)
    chronic (0.2.3)
      hoe (>= 1.2.1)
    chunky_png (0.10.5)
    churn (0.0.13)
      chronic (>= 0.2.3)
      hirb
      json_pure
      main
      ruby_parser (~> 2.0.4)
      sexp_processor (~> 3.0.3)
    closure-compiler (1.1.1)
    colored (1.2)
    compass (0.11.beta.1)
      chunky_png (~> 0.10.3)
      sass (>= 3.1.0.alpha.50)
    crack (0.1.8)
    creole (0.3.8)
    css_parser (1.1.4)
    daemons (1.1.0)
    database_cleaner (0.6.0)
    erubis (2.6.6)
      abstract (>= 1.0.0)
    eventfulapi (2.2.1)
      mime-types (> 0.0.0)
    exceptional (2.0.32)
      rack
    factory_girl (1.3.3)
    faraday (0.5.4)
      addressable (~> 2.2.2)
      multipart-post (~> 1.1.0)
      rack (>= 1.1.0, < 2)
    faraday_middleware (0.3.1)
      faraday (~> 0.5.3)
    fastthread (1.0.7)
    fattr (2.2.0)
    flay (1.4.1)
      ruby_parser (~> 2.0)
      sexp_processor (~> 3.0)
    flog (2.5.0)
      ruby_parser (~> 2.0)
      sexp_processor (~> 3.0)
    forgery (0.3.6)
    formtastic (1.2.3)
      actionpack (>= 2.3.7)
      activesupport (>= 2.3.7)
      i18n (~> 0.4)
    gem_plugin (0.2.3)
    glebm-geokit (1.5.2)
    god (0.11.0)
    haml (3.1.0.alpha.147)
    hashie (0.4.0)
    highline (1.6.1)
    hirb (0.3.6)
    hoe (2.9.0)
      rake (>= 0.8.7)
    hpricot (0.8.4)
    htmlentities (4.2.4)
    httparty (0.7.3)
      crack (= 0.1.8)
    i18n (0.5.0)
    jammit (0.6.0)
      closure-compiler (>= 0.1.0)
      yui-compressor (>= 0.9.1)
    json (1.4.6)
    json_pure (1.5.1)
    kgio (2.1.1)
    loofah (1.0.0)
      nokogiri (>= 1.3.3)
    mail (2.2.15)
      activesupport (>= 2.3.6)
      i18n (>= 0.4.0)
      mime-types (~> 1.16)
      treetop (~> 1.4.8)
    mail_style (0.1.6)
      actionmailer (>= 1.2.3)
      css_parser (>= 1.0.0)
      nokogiri (>= 1.0.0)
    main (4.4.0)
      arrayfields (>= 4.7.4)
      fattr (>= 2.1.0)
    mcbean (0.4.0)
      RedCloth (>= 4.2.0)
      creole (>= 0.3.7)
      loofah (>= 0.4.7)
      rdiscount (>= 1.6.0)
    metric_fu (2.0.1)
      Saikuro (>= 1.1.0)
      activesupport (>= 2.0.0)
      chronic (~> 0.2.3)
      churn (>= 0.0.7)
      flay (>= 1.2.1)
      flog (>= 2.2.0)
      rails_best_practices (>= 0.3.16)
      rcov (>= 0.8.3.3)
      reek (>= 1.2.6)
      roodi (>= 2.1.0)
    mime-types (1.16)
    mongrel (1.1.5)
      cgi_multipart_eof_fix (>= 2.4)
      daemons (>= 1.0.3)
      fastthread (>= 1.0.1)
      gem_plugin (>= 0.2.3)
    multi_json (0.0.5)
    multi_xml (0.2.0)
    multipart-post (1.1.0)
    mustache (0.99.1)
    nested_layouts (0.1.3)
      actionpack (>= 2.3)
    net-scp (1.0.4)
      net-ssh (>= 1.99.1)
    net-sftp (2.0.5)
      net-ssh (>= 2.0.9)
    net-ssh (2.1.0)
    net-ssh-gateway (1.0.1)
      net-ssh (>= 1.99.1)
    nokogiri (1.4.4)
    oauth2 (0.1.1)
      faraday (~> 0.5.0)
      multi_json (~> 0.0.4)
    open4 (1.0.1)
    outside-in (1.0.0)
    paperclip (2.3.8)
      activerecord
      activesupport
    pg (0.10.1)
    polyglot (0.3.1)
    premailer (1.6.2)
      css_parser (>= 1.1.3)
      hpricot (>= 0.8.3)
      htmlentities (>= 4.0.0)
    rMeetup (1.0)
    rack (1.1.0)
    rails (2.3.9)
      actionmailer (= 2.3.9)
      actionpack (= 2.3.9)
      activerecord (= 2.3.9)
      activeresource (= 2.3.9)
      activesupport (= 2.3.9)
      rake (>= 0.8.3)
    rails_best_practices (0.6.1)
      activesupport
      colored (~> 1.2)
      erubis (~> 2.6.6)
      i18n
      ruby-progressbar (~> 0.0.9)
      ruby_parser (~> 2.0.4)
    rake (0.8.7)
    rcov (0.9.9)
    rdiscount (1.6.5)
    redis (2.1.1)
    redis-namespace (0.10.0)
      redis (< 3.0.0)
    reek (1.2.8)
      ruby2ruby (~> 1.2)
      ruby_parser (~> 2.0)
      sexp_processor (~> 3.0)
    resque (1.8.2)
      redis
      redis-namespace
      sinatra (>= 0.9.2)
      vegas (>= 0.1.2)
    resque-exceptional (0.1.0)
      resque (>= 1.8.0)
    resque-scheduler (1.9.8)
      redis (>= 2.0.1)
      resque (>= 1.8.0)
      rufus-scheduler
    resque_mailer (1.0.1)
    rmagick (2.13.1)
    rollout (0.3.0)
    roodi (2.1.0)
      ruby_parser
    rr (1.0.2)
    rspec (1.3.1)
    rspec-rails (1.3.3)
      rack (>= 1.0.0)
      rspec (= 1.3.1)
    rspec-rr (0.1.0)
    ruby-progressbar (0.0.9)
    ruby2ruby (1.2.5)
      ruby_parser (~> 2.0)
      sexp_processor (~> 3.0)
    ruby_parser (2.0.5)
      sexp_processor (~> 3.0)
    rufus-scheduler (2.0.8)
      tzinfo (>= 0.3.23)
    sanitize (2.0.1)
      nokogiri (~> 1.4.4)
    sanitize_email (0.3.7)
      actionmailer
    sass (3.1.0.alpha.218)
    sexp_processor (3.0.5)
    simple_oauth (0.1.3)
    simple_uuid (0.1.2)
    sinatra (1.1.2)
      rack (~> 1.1)
      tilt (~> 1.2)
    spork (0.8.4)
    subdomain-fu (0.5.4)
    text-hyphen (1.0.0)
    text-reform (0.2.0)
      text-hyphen (~> 1.0.0)
    thor (0.14.6)
    tilt (1.2.2)
    tlsmail (0.0.1)
    tmail (1.2.7.1)
    treetop (1.4.9)
      polyglot (>= 0.3.1)
    twitter (1.1.1)
      faraday (~> 0.5.4)
      faraday_middleware (~> 0.3.1)
      hashie (~> 0.4.0)
      multi_json (~> 0.0.5)
      multi_xml (~> 0.2.0)
      simple_oauth (~> 0.1.3)
    tzinfo (0.3.24)
    unicorn (3.3.1)
      kgio (~> 2.1)
      rack
    vegas (0.1.8)
      rack (>= 1.0.0)
    yajl-ruby (0.7.9)
    yui-compressor (0.9.6)
      POpen4 (>= 0.1.4)

PLATFORMS
  ruby

DEPENDENCIES
  BlueCloth
  SystemTimer
  ZenTest
  aasm
  acts-as-list
  acts-as-taggable-on
  authlogic
  authlogic_oauth2
  autotest-rails
  cancan
  capistrano
  capistrano-ext
  compass (= 0.11.beta.1)
  database_cleaner
  eventfulapi
  exceptional
  factory_girl
  forgery
  formtastic
  glebm-geokit
  god
  haml (= 3.1.0.alpha.147)
  httparty
  jammit
  json
  mail
  mail_style
  mcbean
  metric_fu
  mongrel
  mustache
  nested_layouts
  oauth2
  outside-in
  paperclip
  pg
  premailer
  rMeetup
  rails (= 2.3.9)
  redis
  redis-namespace
  resque
  resque-exceptional
  resque-scheduler
  resque_mailer
  rmagick
  rollout
  rr
  rspec (~> 1.3)
  rspec-rails (~> 1.3)
  rspec-rr
  sanitize
  sanitize_email
  simple_uuid
  spork
  subdomain-fu
  text-reform
  thor
  tlsmail
  tmail
  twitter
  unicorn
  yajl-ruby
