GIT
  remote: git://github.com/Jberlinsky/journey.git
  revision: 2d2980352d2f9d1bd61ab79784f9549ce40ec39c
  ref: v1.0.3-shim
  specs:
    journey (1.0.4.20120222115248)

GIT
  remote: https://github.com/Jberlinsky/heroku_san.git
  revision: 3ad7d89733bc9aa82a514b9557d51f0486f0177f
  ref: 3ad7d89
  specs:
    heroku_san (3.0.1)
      activesupport
      heroku (>= 2)
      heroku-api (>= 0.1.2)
      rake

GIT
  remote: https://github.com/Jberlinsky/km-db.git
  revision: 1d6ecc6eb3007cb7b78f8352479f4f698660b270
  ref: 1d6ecc6eb3007cb7b78f8352479f4f698660b270
  specs:
    km-db (0.2)
      activerecord
      andand
      parallel
      progressbar
      yajl-ruby

GIT
  remote: https://github.com/Jberlinsky/leftronic-gem.git
  revision: a090bf1d49004f501c9164d5dcd51761b48803e4
  ref: a090bf1d49004f501c9164d5dcd51761b48803e4
  specs:
    leftronic (0.0.4)

GIT
  remote: https://github.com/causes/mock_redis.git
  revision: fe0188048dad03c9e18d2ae199c0992b7bd48e27
  ref: fe01880
  specs:
    mock_redis (0.6.3)

GIT
  remote: https://github.com/dabio/taps.git
  revision: a56d8e8494d6bcb529628ee602b9198086a20b9c
  ref: a56d8e8
  specs:
    taps (0.3.23)
      rack
      rest-client
      sequel
      sinatra
      sqlite3-ruby

GIT
  remote: https://github.com/sferik/rails_admin.git
  revision: 1eda06e225b021febe3de6a543235c818dfa8150
  ref: 1eda06e
  specs:
    rails_admin (0.0.4)
      bbenezech-nested_form (~> 0.0.6)
      bootstrap-sass (~> 2.0, >= 2.0.3)
      builder (~> 3.0)
      coffee-rails (~> 3.1)
      haml (~> 3.1)
      jquery-rails (>= 1.0.17)
      jquery-ui-rails (~> 0.2.2)
      kaminari (~> 0.12)
      rack-pjax (~> 0.5)
      rails (~> 3.1)
      remotipart (~> 1.0)
      sass-rails (~> 3.1)

GIT
  remote: https://github.com/turingstudio/contacts.git
  revision: aa86d2ff8e566a801953300dd1848725f722c020
  ref: aa86d2f
  specs:
    turing-contacts (0.2.6)
      hpricot
      httparty
      json
      nokogiri
      oauth (= 0.3.6)

GEM
  remote: http://rubygems.org/
  remote: http://gems.github.com/
  specs:
    RedCloth (4.2.9)
    actionmailer (3.2.10)
      actionpack (= 3.2.10)
      mail (~> 2.4.4)
    actionpack (3.2.10)
      activemodel (= 3.2.10)
      activesupport (= 3.2.10)
      builder (~> 3.0.0)
      erubis (~> 2.7.0)
      journey (~> 1.0.4)
      rack (~> 1.4.0)
      rack-cache (~> 1.2)
      rack-test (~> 0.6.1)
      sprockets (~> 2.2.1)
    activemodel (3.2.10)
      activesupport (= 3.2.10)
      builder (~> 3.0.0)
    activerecord (3.2.10)
      activemodel (= 3.2.10)
      activesupport (= 3.2.10)
      arel (~> 3.0.2)
      tzinfo (~> 0.3.29)
    activeresource (3.2.10)
      activemodel (= 3.2.10)
      activesupport (= 3.2.10)
    activesupport (3.2.10)
      i18n (~> 0.6)
      multi_json (~> 1.0)
    acts-as-taggable-on (2.3.1)
      rails (~> 3.0)
    acts_as_api (0.3.11)
      activemodel (>= 3.0.0)
      activesupport (>= 3.0.0)
      rack (>= 1.1.0)
    addressable (2.2.8)
    airbrake (3.1.2)
      activesupport
      builder
    amatch (0.2.10)
      tins (~> 0.3)
    amazon-ec2 (0.9.17)
      xml-simple (>= 1.0.12)
    andand (1.3.3)
    arel (3.0.2)
    aws-s3 (0.6.2)
      builder
      mime-types
      xml-simple
    barometer (0.7.3)
      httparty (>= 0.4.5)
      nokogiri
      tzinfo (>= 0.3.14)
    bbenezech-nested_form (0.0.6)
    bcrypt-ruby (3.0.1)
    bootstrap-sass (2.1.1.0)
    bson (1.6.4)
    bson_ext (1.6.1)
      bson (~> 1.6.1)
    builder (3.0.0)
    cancan (1.6.7)
    capybara (1.1.2)
      mime-types (>= 1.16)
      nokogiri (>= 1.3.3)
      rack (>= 1.0.0)
      rack-test (>= 0.5.4)
      selenium-webdriver (~> 2.0)
      xpath (~> 0.1.4)
    childprocess (0.3.7)
      ffi (~> 1.0, >= 1.0.6)
    chunky_png (1.2.7)
    climate_control (0.0.3)
      activesupport (>= 3.0)
    cocaine (0.5.1)
      climate_control (>= 0.0.3, < 1.0)
    coderay (1.0.8)
    coffee-rails (3.2.2)
      coffee-script (>= 2.2.0)
      railties (~> 3.2.0)
    coffee-script (2.2.0)
      coffee-script-source
      execjs
    coffee-script-source (1.4.0)
    colored (1.2)
    compass (0.12.alpha.0)
      chunky_png (~> 1.2)
      fssm (>= 0.2.7)
      sass (~> 3.1)
    creole (0.5.0)
    css_parser (1.2.6)
      addressable
      rdoc
    cucumber (1.1.0)
      builder (>= 2.1.2)
      diff-lcs (>= 1.1.2)
      gherkin (~> 2.5.0)
      json (>= 1.4.6)
      term-ansicolor (>= 1.0.6)
    cucumber-rails (1.1.1)
      capybara (>= 1.1.1)
      cucumber (>= 1.1.0)
      nokogiri (>= 1.5.0)
    daemons (1.1.9)
    dalli (1.1.5)
    database_cleaner (0.7.1)
    deadweight (0.2.1)
      nokogiri
    devise (2.0.4)
      bcrypt-ruby (~> 3.0)
      orm_adapter (~> 0.0.3)
      railties (~> 3.1)
      warden (~> 1.1.1)
    diff-lcs (1.1.3)
    erubis (2.7.0)
    escape (0.0.4)
    eventmachine (1.0.0)
    excon (0.15.5)
    execjs (1.4.0)
      multi_json (~> 1.0)
    factory_girl (2.6.3)
      activesupport (>= 2.3.9)
    faraday (0.8.4)
      multipart-post (~> 1.1)
    ffi (1.3.1)
    foreman (0.40.0)
      term-ansicolor (~> 1.0.7)
      thor (>= 0.13.6)
    forgery (0.5.0)
    formtastic (2.0.2)
      rails (~> 3.0)
    fssm (0.2.10)
    fuubar (1.0.0)
      rspec (~> 2.0)
      rspec-instafail (~> 0.2.0)
      ruby-progressbar (~> 0.0.10)
    geocoder (1.0.5)
    gherkin (2.5.4)
      json (>= 1.4.6)
    git (1.2.5)
    glebm-geokit (1.5.2)
    guardrail_notifier (0.2.12)
    haml (3.1.4)
    hashie (1.2.0)
    heroku (2.28.7)
      heroku-api (~> 0.2.6)
      launchy (>= 0.3.2)
      netrc (~> 0.7.5)
      rest-client (~> 1.6.1)
      rubyzip
    heroku-api (0.2.13)
      excon (~> 0.15.4)
    hike (1.2.1)
    hpricot (0.8.6)
    htmlentities (4.3.1)
    httparty (0.10.2)
      multi_json (~> 1.0)
      multi_xml (>= 0.5.2)
    httpauth (0.2.0)
    i18n (0.6.0)
    jar_wrapper (0.1.2)
      jeweler
      jeweler
      zip
      zip
    jasmine (1.2.1)
      jasmine-core (>= 1.2.0)
      rack (~> 1.0)
      rspec (>= 1.3.1)
      selenium-webdriver (>= 0.1.3)
    jasmine-core (1.3.1)
    jeweler (1.8.4)
      bundler (~> 1.0)
      git (>= 1.2.5)
      rake
      rdoc
    jquery-rails (2.2.0)
      railties (>= 3.0, < 5.0)
      thor (>= 0.14, < 2.0)
    jquery-ui-rails (0.2.2)
      jquery-rails
      railties (>= 3.1.0)
    json (1.6.6)
    jwt (0.1.5)
      multi_json (>= 1.0)
    kaminari (0.14.1)
      actionpack (>= 3.0.0)
      activesupport (>= 3.0.0)
    km (1.1.2)
    launchy (2.1.0)
      addressable (~> 2.2.6)
    libv8 (3.3.10.4)
    loofah (1.2.1)
      nokogiri (>= 1.4.4)
    mail (2.4.4)
      i18n (>= 0.4.0)
      mime-types (~> 1.16)
      treetop (~> 1.4.8)
    mcbean (0.4.0)
      RedCloth (>= 4.2.0)
      creole (>= 0.3.7)
      loofah (>= 0.4.7)
      rdiscount (>= 1.6.0)
    method_source (0.8.1)
    mime-types (1.19)
    mongo (1.6.4)
      bson (~> 1.6.4)
    mongo_mapper (0.11.0)
      activemodel (~> 3.0)
      activesupport (~> 3.0)
      plucky (~> 0.4.0)
    multi_json (1.2.0)
    multi_xml (0.5.2)
    multipart-post (1.1.5)
    mustache (0.99.4)
    mysql2 (0.3.11)
    netrc (0.7.7)
    newrelic_rpm (3.5.0.1)
    nokogiri (1.5.6)
    oauth (0.3.6)
      ruby-hmac (>= 0.3.1)
    oauth2 (0.8.0)
      faraday (~> 0.8)
      httpauth (~> 0.1)
      jwt (~> 0.1.4)
      multi_json (~> 1.0)
      rack (~> 1.2)
    omniauth (1.0.3)
      hashie (~> 1.2)
      rack
    omniauth-facebook (1.2.0)
      omniauth-oauth2 (~> 1.0.0)
    omniauth-oauth2 (1.0.3)
      oauth2 (~> 0.8.0)
      omniauth (~> 1.0)
    orm_adapter (0.0.7)
    paperclip (2.4.5)
      activerecord (>= 2.3.0)
      activesupport (>= 2.3.2)
      cocaine (>= 0.0.2)
      mime-types
    parallel (0.6.1)
    permanent_records (2.1.2)
      activerecord
    pg (0.13.2)
    plucky (0.4.4)
      mongo (~> 1.5)
    polyglot (0.3.3)
    pr_geohash (1.0.0)
    premailer (1.7.3)
      css_parser (>= 1.1.9)
      htmlentities (>= 4.0.0)
    progressbar (0.12.0)
    pry (0.9.11.4)
      coderay (~> 1.0.5)
      method_source (~> 0.8)
      slop (~> 3.4)
    rack (1.4.1)
    rack-cache (1.2)
      rack (>= 0.4)
    rack-contrib (1.1.0)
      rack (>= 0.9.1)
    rack-pjax (0.7.0)
      nokogiri (~> 1.5)
      rack (~> 1.3)
    rack-ssl (1.3.2)
      rack
    rack-test (0.6.1)
      rack (>= 1.0)
    rack-timeout (0.0.3)
    rails (3.2.10)
      actionmailer (= 3.2.10)
      actionpack (= 3.2.10)
      activerecord (= 3.2.10)
      activeresource (= 3.2.10)
      activesupport (= 3.2.10)
      bundler (~> 1.0)
      railties (= 3.2.10)
    railties (3.2.10)
      actionpack (= 3.2.10)
      activesupport (= 3.2.10)
      rack-ssl (~> 1.3.2)
      rake (>= 0.8.7)
      rdoc (~> 3.4)
      thor (>= 0.14.6, < 2.0)
    rake (0.9.2.2)
    rb-readline (0.4.2)
    rdiscount (1.6.8)
    rdoc (3.12)
      json (~> 1.4)
    redcarpet (2.0.1)
    redis (2.2.2)
    redis-namespace (1.0.3)
      redis (< 3.0.0)
    remotipart (1.0.2)
    require_all (1.2.1)
    resque (1.19.0)
      multi_json (~> 1.0)
      redis-namespace (~> 1.0.2)
      sinatra (>= 0.9.2)
      vegas (~> 0.1.2)
    resque-cleaner (0.2.7)
      resque (~> 1.0)
    resque-scheduler (1.9.9)
      redis (>= 2.0.1)
      resque (>= 1.8.0)
      rufus-scheduler
    resque_spec (0.12.5)
      resque (>= 1.19.0)
      rspec (>= 2.5.0)
    rest-client (1.6.7)
      mime-types (>= 1.16)
    rmagick (2.13.1)
    rr (1.0.4)
    rsolr (1.0.8)
      builder (>= 2.1.2)
    rspec (2.8.0)
      rspec-core (~> 2.8.0)
      rspec-expectations (~> 2.8.0)
      rspec-mocks (~> 2.8.0)
    rspec-core (2.8.0)
    rspec-expectations (2.8.0)
      diff-lcs (~> 1.1.2)
    rspec-instafail (0.2.4)
    rspec-mocks (2.8.0)
    rspec-rails (2.8.1)
      actionpack (>= 3.0)
      activesupport (>= 3.0)
      railties (>= 3.0)
      rspec (~> 2.8.0)
    ruby-hmac (0.4.0)
    ruby-progressbar (0.0.10)
    rubyzip (0.9.9)
    rufus-scheduler (2.0.17)
      tzinfo (>= 0.3.23)
    sanitize (2.0.3)
      nokogiri (>= 1.4.4, < 1.6)
    sass (3.1.15)
    sass-rails (3.2.4)
      railties (~> 3.2.0)
      sass (>= 3.1.10)
      tilt (~> 1.3)
    selenium (0.2.5)
      jar_wrapper
      jeweler
    selenium-webdriver (2.29.0)
      childprocess (>= 0.2.5)
      multi_json (~> 1.0)
      rubyzip
      websocket (~> 1.0.4)
    sequel (3.43.0)
    simplecov (0.6.4)
      multi_json (~> 1.0)
      simplecov-html (~> 0.5.3)
    simplecov-html (0.5.3)
    sinatra (1.2.7)
      rack (~> 1.1)
      tilt (>= 1.2.2, < 2.0)
    slop (3.4.3)
    spork (0.9.2)
    sprockets (2.2.1)
      hike (~> 1.2)
      multi_json (~> 1.0)
      rack (~> 1.0)
      tilt (~> 1.1, != 1.3.0)
    sqlite3 (1.3.7)
    sqlite3-ruby (1.3.3)
      sqlite3 (>= 1.3.3)
    sunspot (1.3.0)
      escape (~> 0.0.4)
      pr_geohash (~> 1.0)
      rsolr (~> 1.0.6)
    sunspot_rails (1.3.0)
      nokogiri
      sunspot (= 1.3.0)
    sunspot_solr (1.3.0)
      escape (~> 0.0.4)
    system_timer (1.2.4)
    term-ansicolor (1.0.7)
    therubyracer (0.9.10)
      libv8 (~> 3.3.10)
    thin (1.3.1)
      daemons (>= 1.0.9)
      eventmachine (>= 0.12.6)
      rack (>= 1.0.0)
    thor (0.17.0)
    tilt (1.3.3)
    tins (0.6.0)
    treetop (1.4.10)
      polyglot
      polyglot (>= 0.3.1)
    trollop (1.16.2)
    tzinfo (0.3.32)
    uglifier (1.2.3)
      execjs (>= 0.3.0)
      multi_json (>= 1.0.2)
    vegas (0.1.11)
      rack (>= 1.0.0)
    warden (1.1.1)
      rack (>= 1.0)
    websocket (1.0.7)
    xml-simple (1.1.2)
    xpath (0.1.4)
      nokogiri (~> 1.3)
    yajl-ruby (1.1.0)
    zip (2.0.2)

PLATFORMS
  ruby

DEPENDENCIES
  acts-as-taggable-on (= 2.3.1)
  acts_as_api (= 0.3.11)
  airbrake (= 3.1.2)
  amatch (= 0.2.10)
  amazon-ec2 (= 0.9.17)
  aws-s3 (= 0.6.2)
  barometer (= 0.7.3)
  bson_ext (= 1.6.1)
  builder (= 3.0.0)
  cancan (= 1.6.7)
  capybara (= 1.1.2)
  colored (= 1.2)
  compass (= 0.12.alpha.0)
  cucumber (= 1.1.0)
  cucumber-rails (= 1.1.1)
  dalli (= 1.1.5)
  database_cleaner (= 0.7.1)
  deadweight (= 0.2.1)
  devise (= 2.0.4)
  factory_girl (= 2.6.3)
  foreman (= 0.40.0)
  forgery (= 0.5.0)
  formtastic (= 2.0.2)
  fuubar (= 1.0.0)
  geocoder (= 1.0.5)
  glebm-geokit (= 1.5.2)
  guardrail_notifier (= 0.2.12)
  haml (= 3.1.4)
  heroku (= 2.28.7)
  heroku_san!
  hpricot (= 0.8.6)
  i18n (= 0.6.0)
  jasmine (= 1.2.1)
  journey!
  json (= 1.6.6)
  km (= 1.1.2)
  km-db!
  launchy (= 2.1.0)
  leftronic!
  mail (= 2.4.4)
  mcbean (= 0.4.0)
  mock_redis!
  mongo_mapper (= 0.11.0)
  multi_json (= 1.2.0)
  mustache (= 0.99.4)
  mysql2 (= 0.3.11)
  newrelic_rpm (= 3.5.0.1)
  omniauth (= 1.0.3)
  omniauth-facebook (= 1.2.0)
  paperclip (= 2.4.5)
  permanent_records (= 2.1.2)
  pg (= 0.13.2)
  premailer (= 1.7.3)
  pry
  rack (= 1.4.1)
  rack-cache (= 1.2)
  rack-contrib (= 1.1.0)
  rack-ssl (= 1.3.2)
  rack-test (= 0.6.1)
  rack-timeout (= 0.0.3)
  rails (= 3.2.10)
  rails_admin!
  rake (= 0.9.2.2)
  rb-readline (= 0.4.2)
  redcarpet (= 2.0.1)
  redis (= 2.2.2)
  redis-namespace (= 1.0.3)
  require_all (= 1.2.1)
  resque (= 1.19.0)
  resque-cleaner (= 0.2.7)
  resque-scheduler (= 1.9.9)
  resque_spec (= 0.12.5)
  rest-client (= 1.6.7)
  rmagick (= 2.13.1)
  rr (= 1.0.4)
  rspec-rails (= 2.8.1)
  sanitize (= 2.0.3)
  sass (= 3.1.15)
  sass-rails (= 3.2.4)
  selenium (= 0.2.5)
  simplecov (= 0.6.4)
  sinatra (= 1.2.7)
  spork (= 0.9.2)
  sprockets (= 2.2.1)
  sunspot_rails (= 1.3.0)
  sunspot_solr (= 1.3.0)
  system_timer
  taps!
  therubyracer (= 0.9.10)
  thin (= 1.3.1)
  treetop (= 1.4.10)
  trollop (= 1.16.2)
  turing-contacts!
  tzinfo (= 0.3.32)
  uglifier (= 1.2.3)
