GIT
  remote: git://github.com/commonplaceusa/authlogic_oauth2.git
  revision: f3a72e177dc5269337bb95d557f7d260e3f9af7f
  specs:
    authlogic_oauth2 (1.1.6)
      authlogic
      oauth2

GIT
  remote: git://github.com/jnicklas/capybara.git
  revision: e92ef27842c20eccde9a64a712f20eef24d8c5aa
  specs:
    capybara (1.0.0.beta1)
      mime-types (>= 1.16)
      nokogiri (>= 1.3.3)
      rack (>= 1.0.0)
      rack-test (>= 0.5.4)
      selenium-webdriver (>= 0.0.27)
      xpath (~> 0.1.4)

GEM
  remote: http://rubygems.org/
  specs:
    BlueCloth (1.0.1)
    POpen4 (0.1.4)
      Platform (>= 0.4.0)
      open4
    Platform (0.4.0)
    RedCloth (4.2.3)
    abstract (1.0.0)
    actionmailer (3.0.7)
      actionpack (= 3.0.7)
      mail (~> 2.2.15)
    actionpack (3.0.7)
      activemodel (= 3.0.7)
      activesupport (= 3.0.7)
      builder (~> 2.1.2)
      erubis (~> 2.6.6)
      i18n (~> 0.5.0)
      rack (~> 1.2.1)
      rack-mount (~> 0.6.14)
      rack-test (~> 0.5.7)
      tzinfo (~> 0.3.23)
    activeadmin (0.2.2)
      devise (>= 1.1.2)
      formtastic (>= 1.1.0)
      inherited_views
      meta_search (>= 0.9.2)
      rails (>= 3.0.0)
      sass (>= 3.1.0)
      will_paginate (>= 3.0.pre2)
    activemodel (3.0.7)
      activesupport (= 3.0.7)
      builder (~> 2.1.2)
      i18n (~> 0.5.0)
    activerecord (3.0.7)
      activemodel (= 3.0.7)
      activesupport (= 3.0.7)
      arel (~> 2.0.2)
      tzinfo (~> 0.3.23)
    activeresource (3.0.7)
      activemodel (= 3.0.7)
      activesupport (= 3.0.7)
    activesupport (3.0.7)
    addressable (2.2.5)
    arel (2.0.9)
    authlogic (3.0.2)
      activerecord (~> 3.0.7)
      activerecord (~> 3.0.7)
    autotest-rails-pure (4.1.2)
    autotest-standalone (4.5.5)
    aws-s3 (0.6.2)
      builder
      mime-types
      xml-simple
    bcrypt-ruby (2.1.4)
    builder (2.1.2)
    cancan (1.5.1)
    chalofa_ruby-progressbar (0.0.9.1)
    childprocess (0.1.8)
      ffi (~> 1.0.6)
    chunky_png (1.1.1)
    closure-compiler (1.1.1)
    compass (0.11.1)
      chunky_png (~> 1.1)
      fssm (>= 0.2.7)
      sass (~> 3.1)
    crack (0.1.8)
    creole (0.3.8)
    css_parser (1.1.4)
    daemons (1.0.10)
    dalli (1.0.5)
    database_cleaner (0.6.0)
    delayed_job (2.1.4)
      activesupport (~> 3.0)
      daemons
    devise (1.3.4)
      bcrypt-ruby (~> 2.1.2)
      orm_adapter (~> 0.0.3)
      warden (~> 1.0.3)
    diff-lcs (1.1.2)
    erubis (2.6.6)
      abstract (>= 1.0.0)
    escape (0.0.4)
    eventmachine (0.12.10)
    exceptional (2.0.32)
      rack
    ezcrypto (0.7.2)
    factory_girl (1.3.3)
    faraday (0.6.1)
      addressable (~> 2.2.4)
      multipart-post (~> 1.1.0)
      rack (< 2, >= 1.1.0)
    ffi (1.0.7)
      rake (>= 0.8.7)
    foreman (0.19.0)
      term-ansicolor (~> 1.0.5)
      thor (>= 0.13.6)
    forgery (0.3.6)
    formtastic (1.2.3)
      actionpack (>= 2.3.7)
      activesupport (>= 2.3.7)
      i18n (~> 0.4)
    fssm (0.2.7)
    fuubar (0.0.4)
      chalofa_ruby-progressbar (~> 0.0.9)
      rspec (~> 2.0)
      rspec-instafail (~> 0.1.4)
    geocoder (1.0.0)
    glebm-geokit (1.5.2)
    googlecharts (1.6.7)
    haml (3.1.1)
    has_scope (0.5.0)
    heroku (2.4.1)
      launchy (>= 0.3.2)
      rest-client (~> 1.6.1)
      term-ansicolor (~> 1.0.5)
    hirefireapp (0.0.1)
    hpricot (0.8.4)
    htmlentities (4.2.4)
    i18n (0.5.0)
    inherited_resources (1.2.2)
      has_scope (~> 0.5.0)
      responders (~> 0.6.0)
    inherited_views (0.0.2)
      formtastic (>= 0.9.8)
      inherited_resources (>= 1.0.6)
      will_paginate (>= 2.3.12)
    jammit (0.6.0)
      closure-compiler (>= 0.1.0)
      yui-compressor (>= 0.9.1)
    jammit-s3 (0.6.0.2)
      jammit (>= 0.5.4)
      mimemagic (>= 0.1.7)
      s3 (>= 0.3.7)
    jasmine (1.0.2.1)
      json_pure (>= 1.4.3)
      rack (>= 1.1)
      rspec (>= 1.3.1)
      selenium-webdriver (>= 0.1.3)
    jslint_on_rails (1.0.6)
    json (1.4.6)
    json_pure (1.5.1)
    kumade (0.1.0)
      heroku
      thor (~> 0.14)
    launchy (2.0.3)
    loofah (1.0.0)
      nokogiri (>= 1.3.3)
    macaddr (1.0.0)
    mail (2.2.19)
      activesupport (>= 2.3.6)
      i18n (>= 0.4.0)
      mime-types (~> 1.16)
      treetop (~> 1.4.8)
    mcbean (0.4.0)
      RedCloth (>= 4.2.0)
      creole (>= 0.3.7)
      loofah (>= 0.4.7)
      rdiscount (>= 1.6.0)
    meta_search (1.0.5)
      actionpack (~> 3.0.2)
      activerecord (~> 3.0.2)
      activesupport (~> 3.0.2)
      arel (~> 2.0.2)
    mime-types (1.16)
    mimemagic (0.1.8)
    multi_json (1.0.1)
    multipart-post (1.1.0)
    mustache (0.99.1)
    newrelic_rpm (2.14.1)
    nokogiri (1.4.4)
    oauth2 (0.4.1)
      faraday (~> 0.6.1)
      multi_json (>= 0.0.5)
    open4 (1.0.1)
    orm_adapter (0.0.5)
    paperclip (2.3.8)
      activerecord
      activesupport
    permanent_records (2.1.2)
      activerecord
    pg (0.11.0)
    polyglot (0.3.1)
    pr_geohash (1.0.0)
    premailer (1.6.2)
      css_parser (>= 1.1.3)
      hpricot (>= 0.8.3)
      htmlentities (>= 4.0.0)
    proxies (0.2.1)
    rack (1.2.3)
    rack-cache (1.0.2)
      rack (>= 0.4)
    rack-mount (0.6.14)
      rack (>= 1.0.0)
    rack-test (0.5.7)
      rack (>= 1.0)
    rails (3.0.7)
      actionmailer (= 3.0.7)
      actionpack (= 3.0.7)
      activerecord (= 3.0.7)
      activeresource (= 3.0.7)
      activesupport (= 3.0.7)
      bundler (~> 1.0)
      railties (= 3.0.7)
    railties (3.0.7)
      actionpack (= 3.0.7)
      activesupport (= 3.0.7)
      rake (>= 0.8.7)
      thor (~> 0.14.4)
    rake (0.9.2)
    rdiscount (1.6.5)
    redis (2.2.1)
    redis-namespace (1.0.3)
      redis (< 3.0.0)
    responders (0.6.4)
    resque (1.17.1)
      json (>= 1.4.6, < 1.6)
      redis-namespace (~> 1.0.2)
      sinatra (>= 0.9.2)
      vegas (~> 0.1.2)
    resque-exceptional (0.1.0)
      resque (>= 1.8.0)
    resque-scheduler (1.9.8)
      redis (>= 2.0.1)
      resque (>= 1.8.0)
      rufus-scheduler
    rest-client (1.6.3)
      mime-types (>= 1.16)
    rmagick (2.13.1)
    rollout (0.3.0)
    rpm_contrib (1.0.13)
      newrelic_rpm (>= 2.13.1)
    rr (1.0.2)
    rsolr (0.12.1)
      builder (>= 2.1.2)
    rspec (2.6.0)
      rspec-core (~> 2.6.0)
      rspec-expectations (~> 2.6.0)
      rspec-mocks (~> 2.6.0)
    rspec-core (2.6.4)
    rspec-expectations (2.6.0)
      diff-lcs (~> 1.1.2)
    rspec-instafail (0.1.8)
    rspec-mocks (2.6.0)
    rspec-rails (2.6.1)
      actionpack (~> 3.0)
      activesupport (~> 3.0)
      railties (~> 3.0)
      rspec (~> 2.6.0)
    rspec-rr (0.1.0)
    rubyzip (0.9.4)
    rufus-scheduler (2.0.8)
      tzinfo (>= 0.3.23)
    s3 (0.3.8)
      proxies (~> 0.2.0)
    sanitize (2.0.1)
      nokogiri (~> 1.4.4)
    sass (3.1.1)
    selenium-webdriver (0.2.0)
      childprocess (>= 0.1.7)
      ffi (>= 1.0.7)
      json_pure
      rubyzip
    sham_rack (1.3.3)
      rack
    sinatra (1.2.6)
      rack (~> 1.1)
      tilt (>= 1.2.2, < 2.0)
    spork (0.8.4)
    sunspot (1.2.1)
      escape (= 0.0.4)
      pr_geohash (~> 1.0)
      rsolr (= 0.12.1)
    sunspot_rails (1.2.1)
      nokogiri
      sunspot (= 1.2.1)
    system_timer (1.2.4)
    term-ansicolor (1.0.6)
    thin (1.2.11)
      daemons (>= 1.0.9)
      eventmachine (>= 0.12.6)
      rack (>= 1.0.0)
    thor (0.14.6)
    tilt (1.3.2)
    treetop (1.4.9)
      polyglot (>= 0.3.1)
    tzinfo (0.3.27)
    uuid (2.3.2)
      macaddr (~> 1.0)
    vegas (0.1.8)
      rack (>= 1.0.0)
    warden (1.0.4)
      rack (>= 1.0)
    webmock (1.6.2)
      addressable (>= 2.2.2)
      crack (>= 0.1.7)
    will_paginate (3.0.pre2)
    xml-simple (1.1.0)
    xpath (0.1.4)
      nokogiri (~> 1.3)
    yui-compressor (0.9.6)
      POpen4 (>= 0.1.4)

PLATFORMS
  ruby

DEPENDENCIES
  BlueCloth
  activeadmin
  authlogic
  authlogic_oauth2 (>= 1.1.6)!
  autotest-rails-pure
  autotest-standalone
  aws-s3
  cancan
  capybara!
  compass (~> 0)
  dalli
  database_cleaner
  delayed_job
  exceptional
  ezcrypto
  factory_girl
  faraday
  foreman
  forgery
  formtastic
  fuubar
  geocoder
  glebm-geokit
  googlecharts
  haml (~> 3.1)
  heroku
  hirefireapp
  jammit
  jammit-s3
  jasmine
  jslint_on_rails
  json
  kumade
  launchy
  mail
  mcbean
  mustache
  newrelic_rpm
  oauth2
  paperclip
  permanent_records
  pg
  premailer
  rack (= 1.2.3)
  rack-cache
  rails (= 3.0.7)
  redis
  redis-namespace
  resque
  resque-exceptional
  resque-scheduler
  rmagick
  rollout
  rpm_contrib
  rr
  rspec-rails (~> 2.6)
  rspec-rr
  sanitize
  sass (~> 3.1)
  sham_rack
  sinatra
  spork
  sunspot_rails
  system_timer
  thin
  uuid
  webmock
