GIT
  remote: git://github.com/commonplaceusa/authlogic_oauth2.git
  revision: f3a72e177dc5269337bb95d557f7d260e3f9af7f
  specs:
    authlogic_oauth2 (1.1.6)
      authlogic
      oauth2

GIT
  remote: git://github.com/jnicklas/capybara.git
  revision: e92ef27842c20eccde9a64a712f20eef24d8c5aa
  specs:
    capybara (1.0.0.beta1)
      mime-types (>= 1.16)
      nokogiri (>= 1.3.3)
      rack (>= 1.0.0)
      rack-test (>= 0.5.4)
      selenium-webdriver (>= 0.0.27)
      xpath (~> 0.1.4)

GEM
  remote: http://rubygems.org/
  specs:
    BlueCloth (1.0.1)
    POpen4 (0.1.4)
      Platform (>= 0.4.0)
      open4
    Platform (0.4.0)
    RedCloth (4.2.3)
    Saikuro (1.1.0)
    abstract (1.0.0)
    actionmailer (3.0.7)
      actionpack (= 3.0.7)
      mail (~> 2.2.15)
    actionpack (3.0.7)
      activemodel (= 3.0.7)
      activesupport (= 3.0.7)
      builder (~> 2.1.2)
      erubis (~> 2.6.6)
      i18n (~> 0.5.0)
      rack (~> 1.2.1)
      rack-mount (~> 0.6.14)
      rack-test (~> 0.5.7)
      tzinfo (~> 0.3.23)
    activeadmin (0.2.2)
      devise (>= 1.1.2)
      formtastic (>= 1.1.0)
      inherited_views
      meta_search (>= 0.9.2)
      rails (>= 3.0.0)
      sass (>= 3.1.0)
      will_paginate (>= 3.0.pre2)
    activemodel (3.0.7)
      activesupport (= 3.0.7)
      builder (~> 2.1.2)
      i18n (~> 0.5.0)
    activerecord (3.0.7)
      activemodel (= 3.0.7)
      activesupport (= 3.0.7)
      arel (~> 2.0.2)
      tzinfo (~> 0.3.23)
    activeresource (3.0.7)
      activemodel (= 3.0.7)
      activesupport (= 3.0.7)
    activesupport (3.0.7)
    acts-as-list (0.1.2)
    addressable (2.2.5)
    arel (2.0.9)
    arrayfields (4.7.4)
    authlogic (3.0.2)
      activerecord (~> 3.0.7)
      activerecord (~> 3.0.7)
    autotest-rails-pure (4.1.2)
    autotest-standalone (4.5.5)
    aws-s3 (0.6.2)
      builder
      mime-types
      xml-simple
    bcrypt-ruby (2.1.4)
    builder (2.1.2)
    cancan (1.5.1)
    capistrano (2.5.19)
      highline
      net-scp (>= 1.0.0)
      net-sftp (>= 2.0.0)
      net-ssh (>= 2.0.14)
      net-ssh-gateway (>= 1.0.0)
    capistrano-ext (1.2.1)
      capistrano (>= 1.0.0)
    chalofa_ruby-progressbar (0.0.9.1)
    childprocess (0.1.8)
      ffi (~> 1.0.6)
    chronic (0.2.3)
      hoe (>= 1.2.1)
    chunky_png (1.1.1)
    churn (0.0.13)
      chronic (>= 0.2.3)
      hirb
      json_pure
      main
      ruby_parser (~> 2.0.4)
      sexp_processor (~> 3.0.3)
    closure-compiler (1.1.1)
    colored (1.2)
    compass (0.11.1)
      chunky_png (~> 1.1)
      fssm (>= 0.2.7)
      sass (~> 3.1)
    configuration (1.2.0)
    crack (0.1.8)
    creole (0.3.8)
    css_parser (1.1.4)
    daemons (1.0.10)
    dalli (1.0.5)
    database_cleaner (0.6.0)
    devise (1.3.4)
      bcrypt-ruby (~> 2.1.2)
      orm_adapter (~> 0.0.3)
      warden (~> 1.0.3)
    diff-lcs (1.1.2)
    erubis (2.6.6)
      abstract (>= 1.0.0)
    eventmachine (0.12.10)
    exceptional (2.0.32)
      rack
    ezcrypto (0.7.2)
    factory_girl (1.3.3)
    faraday (0.6.1)
      addressable (~> 2.2.4)
      multipart-post (~> 1.1.0)
      rack (< 2, >= 1.1.0)
    fattr (2.2.0)
    ffi (1.0.7)
      rake (>= 0.8.7)
    flay (1.4.1)
      ruby_parser (~> 2.0)
      sexp_processor (~> 3.0)
    flog (2.5.0)
      ruby_parser (~> 2.0)
      sexp_processor (~> 3.0)
    forgery (0.3.6)
    formtastic (1.2.3)
      actionpack (>= 2.3.7)
      activesupport (>= 2.3.7)
      i18n (~> 0.4)
    fssm (0.2.7)
    fuubar (0.0.4)
      chalofa_ruby-progressbar (~> 0.0.9)
      rspec (~> 2.0)
      rspec-instafail (~> 0.1.4)
    gem_plugin (0.2.3)
    geocoder (1.0.0)
    glebm-geokit (1.5.2)
    googlecharts (1.6.7)
    haml (3.1.1)
    has_scope (0.5.0)
    highline (1.6.1)
    hirb (0.3.6)
    hoe (2.9.0)
      rake (>= 0.8.7)
    hpricot (0.8.4)
    htmlentities (4.2.4)
    httparty (0.7.3)
      crack (= 0.1.8)
    i18n (0.5.0)
    inherited_resources (1.2.2)
      has_scope (~> 0.5.0)
      responders (~> 0.6.0)
    inherited_views (0.0.2)
      formtastic (>= 0.9.8)
      inherited_resources (>= 1.0.6)
      will_paginate (>= 2.3.12)
    jammit (0.6.0)
      closure-compiler (>= 0.1.0)
      yui-compressor (>= 0.9.1)
    json (1.4.6)
    json_pure (1.5.1)
    launchy (0.4.0)
      configuration (>= 0.0.5)
      rake (>= 0.8.1)
    loofah (1.0.0)
      nokogiri (>= 1.3.3)
    mail (2.2.19)
      activesupport (>= 2.3.6)
      i18n (>= 0.4.0)
      mime-types (~> 1.16)
      treetop (~> 1.4.8)
    main (4.4.0)
      arrayfields (>= 4.7.4)
      fattr (>= 2.1.0)
    mcbean (0.4.0)
      RedCloth (>= 4.2.0)
      creole (>= 0.3.7)
      loofah (>= 0.4.7)
      rdiscount (>= 1.6.0)
    meta_search (1.0.5)
      actionpack (~> 3.0.2)
      activerecord (~> 3.0.2)
      activesupport (~> 3.0.2)
      arel (~> 2.0.2)
    metric_fu (2.0.1)
      Saikuro (>= 1.1.0)
      activesupport (>= 2.0.0)
      chronic (~> 0.2.3)
      churn (>= 0.0.7)
      flay (>= 1.2.1)
      flog (>= 2.2.0)
      rails_best_practices (>= 0.3.16)
      rcov (>= 0.8.3.3)
      reek (>= 1.2.6)
      roodi (>= 2.1.0)
    mime-types (1.16)
    mongrel (1.2.0.pre2)
      daemons (~> 1.0.10)
      gem_plugin (~> 0.2.3)
    multi_json (1.0.1)
    multipart-post (1.1.0)
    mustache (0.99.1)
    net-scp (1.0.4)
      net-ssh (>= 1.99.1)
    net-sftp (2.0.5)
      net-ssh (>= 2.0.9)
    net-ssh (2.1.0)
    net-ssh-gateway (1.0.1)
      net-ssh (>= 1.99.1)
    newrelic_rpm (2.14.1)
    nokogiri (1.4.4)
    oauth2 (0.4.1)
      faraday (~> 0.6.1)
      multi_json (>= 0.0.5)
    open4 (1.0.1)
    orm_adapter (0.0.5)
    paperclip (2.3.8)
      activerecord
      activesupport
    permanent_records (2.1.2)
      activerecord
    pg (0.10.1)
    polyglot (0.3.1)
    premailer (1.6.2)
      css_parser (>= 1.1.3)
      hpricot (>= 0.8.3)
      htmlentities (>= 4.0.0)
    rack (1.2.3)
    rack-cache (1.0.2)
      rack (>= 0.4)
    rack-mount (0.6.14)
      rack (>= 1.0.0)
    rack-test (0.5.7)
      rack (>= 1.0)
    rails (3.0.7)
      actionmailer (= 3.0.7)
      actionpack (= 3.0.7)
      activerecord (= 3.0.7)
      activeresource (= 3.0.7)
      activesupport (= 3.0.7)
      bundler (~> 1.0)
      railties (= 3.0.7)
    rails_best_practices (0.6.1)
      activesupport
      colored (~> 1.2)
      erubis (~> 2.6.6)
      i18n
      ruby-progressbar (~> 0.0.9)
      ruby_parser (~> 2.0.4)
    railties (3.0.7)
      actionpack (= 3.0.7)
      activesupport (= 3.0.7)
      rake (>= 0.8.7)
      thor (~> 0.14.4)
    rake (0.8.7)
    rcov (0.9.9)
    rdiscount (1.6.5)
    redis (2.1.1)
    redis-namespace (0.10.0)
      redis (< 3.0.0)
    reek (1.2.8)
      ruby2ruby (~> 1.2)
      ruby_parser (~> 2.0)
      sexp_processor (~> 3.0)
    responders (0.6.4)
    resque (1.8.2)
      redis
      redis-namespace
      sinatra (>= 0.9.2)
      vegas (>= 0.1.2)
    resque-exceptional (0.1.0)
      resque (>= 1.8.0)
    resque-scheduler (1.9.8)
      redis (>= 2.0.1)
      resque (>= 1.8.0)
      rufus-scheduler
    rest-client (1.6.1)
      mime-types (>= 1.16)
    rest-client-components (1.2.0)
      rack (>= 1.0.1)
      rest-client (>= 1.6.0, < 1.7.0)
    rmagick (2.13.1)
    rollout (0.3.0)
    roodi (2.1.0)
      ruby_parser
    rr (1.0.2)
    rspec (2.5.0)
      rspec-core (~> 2.5.0)
      rspec-expectations (~> 2.5.0)
      rspec-mocks (~> 2.5.0)
    rspec-core (2.5.1)
    rspec-expectations (2.5.0)
      diff-lcs (~> 1.1.2)
    rspec-instafail (0.1.7)
    rspec-mocks (2.5.0)
    rspec-rails (2.5.0)
      actionpack (~> 3.0)
      activesupport (~> 3.0)
      railties (~> 3.0)
      rspec (~> 2.5.0)
    rspec-rr (0.1.0)
    ruby-prof (0.10.6)
    ruby-progressbar (0.0.9)
    ruby2ruby (1.2.5)
      ruby_parser (~> 2.0)
      sexp_processor (~> 3.0)
    ruby_parser (2.0.5)
      sexp_processor (~> 3.0)
    rubyzip (0.9.4)
    rufus-scheduler (2.0.8)
      tzinfo (>= 0.3.23)
    sanitize (2.0.1)
      nokogiri (~> 1.4.4)
    sass (3.1.1)
    selenium-webdriver (0.2.0)
      childprocess (>= 0.1.7)
      ffi (>= 1.0.7)
      json_pure
      rubyzip
    sexp_processor (3.0.5)
    simple_uuid (0.1.2)
    sinatra (1.1.2)
      rack (~> 1.1)
      tilt (~> 1.2)
    spork (0.8.4)
    ssl_requirement (0.1.0)
    text-hyphen (1.0.0)
    text-reform (0.2.0)
      text-hyphen (~> 1.0.0)
    thin (1.2.11)
      daemons (>= 1.0.9)
      eventmachine (>= 0.12.6)
      rack (>= 1.0.0)
    thor (0.14.6)
    tilt (1.2.2)
    treetop (1.4.9)
      polyglot (>= 0.3.1)
    tzinfo (0.3.27)
    vegas (0.1.8)
      rack (>= 1.0.0)
    warden (1.0.4)
      rack (>= 1.0)
    will_paginate (3.0.pre2)
    xml-simple (1.1.0)
    xpath (0.1.4)
      nokogiri (~> 1.3)
    yui-compressor (0.9.6)
      POpen4 (>= 0.1.4)

PLATFORMS
  ruby

DEPENDENCIES
  BlueCloth
  activeadmin
  acts-as-list
  authlogic
  authlogic_oauth2 (>= 1.1.6)!
  autotest-rails-pure
  autotest-standalone
  aws-s3
  cancan
  capistrano
  capistrano-ext
  capybara!
  compass (~> 0)
  dalli
  database_cleaner
  exceptional
  ezcrypto
  factory_girl
  forgery
  formtastic
  fuubar
  geocoder
  glebm-geokit
  googlecharts
  haml (~> 3.1)
  hoe (= 2.9.0)
  httparty
  jammit
  json
  launchy
  mail
  mcbean
  metric_fu
  mongrel (>= 1.2.0.pre2)
  mustache
  newrelic_rpm
  nokogiri (= 1.4.4)
  oauth2
  paperclip
  permanent_records
  pg
  premailer
  rack (= 1.2.3)
  rack-cache
  rails (= 3.0.7)
  redis
  redis-namespace
  resque
  resque-exceptional
  resque-scheduler
  rest-client
  rest-client-components
  rmagick
  rollout
  rr
  rspec-rails (~> 2.4)
  rspec-rr
  ruby-prof
  sanitize
  sass (~> 3.1)
  simple_uuid
  sinatra
  spork
  ssl_requirement
  text-reform
  thin
  thor
  xpath
