GEM
  remote: http://rubygems.org/
  specs:
    BlueCloth (1.0.1)
    RedCloth (4.2.3)
    SystemTimer (1.2.1)
    ZenTest (4.4.2)
    aasm (2.2.0)
    actionmailer (2.3.9)
      actionpack (= 2.3.9)
    actionpack (2.3.9)
      activesupport (= 2.3.9)
      rack (~> 1.1.0)
    activerecord (2.3.9)
      activesupport (= 2.3.9)
    activeresource (2.3.9)
      activesupport (= 2.3.9)
    activesupport (2.3.9)
    acts-as-list (0.1.2)
    acts-as-taggable-on (2.0.6)
    addressable (2.2.3)
    authlogic (2.1.6)
      activesupport
    authlogic_oauth2 (1.1.2)
      authlogic
      oauth2
    autotest-rails (4.1.0)
      ZenTest
    babosa (0.2.1)
    cancan (1.5.1)
    capistrano (2.5.19)
      highline
      net-scp (>= 1.0.0)
      net-sftp (>= 2.0.0)
      net-ssh (>= 2.0.14)
      net-ssh-gateway (>= 1.0.0)
    capistrano-ext (1.2.1)
      capistrano (>= 1.0.0)
    cgi_multipart_eof_fix (2.5.0)
    chunky_png (0.10.5)
    compass (0.11.beta.1)
      chunky_png (~> 0.10.3)
      sass (>= 3.1.0.alpha.50)
    crack (0.1.8)
    creole (0.3.8)
    daemons (1.1.0)
    database_cleaner (0.6.0)
    eventfulapi (2.2.1)
      mime-types (> 0.0.0)
    exceptional (2.0.32)
      rack
    factory_girl (1.3.3)
    faraday (0.5.4)
      addressable (~> 2.2.2)
      multipart-post (~> 1.1.0)
      rack (>= 1.1.0, < 2)
    faraday_middleware (0.3.1)
      faraday (~> 0.5.3)
    fastthread (1.0.7)
    forgery (0.3.6)
    formtastic (1.2.3)
      actionpack (>= 2.3.7)
      activesupport (>= 2.3.7)
      i18n (~> 0.4)
    friendly_id (3.2.0)
      babosa (~> 0.2.1)
    gem_plugin (0.2.3)
    glebm-geokit (1.5.2)
    god (0.11.0)
    haml (3.1.0.alpha.147)
    hashie (0.4.0)
    highline (1.6.1)
    httparty (0.7.3)
      crack (= 0.1.8)
    i18n (0.5.0)
    json (1.4.6)
    kgio (2.1.1)
    loofah (1.0.0)
      nokogiri (>= 1.3.3)
    mcbean (0.4.0)
      RedCloth (>= 4.2.0)
      creole (>= 0.3.7)
      loofah (>= 0.4.7)
      rdiscount (>= 1.6.0)
    mime-types (1.16)
    mongrel (1.1.5)
      cgi_multipart_eof_fix (>= 2.4)
      daemons (>= 1.0.3)
      fastthread (>= 1.0.1)
      gem_plugin (>= 0.2.3)
    multi_json (0.0.5)
    multi_xml (0.2.0)
    multipart-post (1.1.0)
    nested_layouts (0.1.3)
      actionpack (>= 2.3)
    net-scp (1.0.4)
      net-ssh (>= 1.99.1)
    net-sftp (2.0.5)
      net-ssh (>= 2.0.9)
    net-ssh (2.1.0)
    net-ssh-gateway (1.0.1)
      net-ssh (>= 1.99.1)
    nokogiri (1.4.4)
    oauth2 (0.1.1)
      faraday (~> 0.5.0)
      multi_json (~> 0.0.4)
    outside-in (1.0.0)
    paperclip (2.3.8)
      activerecord
      activesupport
    pg (0.10.1)
    rMeetup (1.0)
    rack (1.1.0)
    rails (2.3.9)
      actionmailer (= 2.3.9)
      actionpack (= 2.3.9)
      activerecord (= 2.3.9)
      activeresource (= 2.3.9)
      activesupport (= 2.3.9)
      rake (>= 0.8.3)
    rake (0.8.7)
    rdiscount (1.6.5)
    redis (2.1.1)
    redis-namespace (0.10.0)
      redis (< 3.0.0)
    resque (1.8.2)
      redis
      redis-namespace
      sinatra (>= 0.9.2)
      vegas (>= 0.1.2)
    resque-exceptional (0.1.0)
      resque (>= 1.8.0)
    resque-scheduler (1.9.8)
      redis (>= 2.0.1)
      resque (>= 1.8.0)
      rufus-scheduler
    resque_mailer (1.0.1)
    rr (1.0.2)
    rspec (1.3.1)
    rspec-rails (1.3.3)
      rack (>= 1.0.0)
      rspec (= 1.3.1)
    rufus-scheduler (2.0.8)
      tzinfo (>= 0.3.23)
    sass (3.1.0.alpha.218)
    simple_oauth (0.1.3)
    simple_uuid (0.1.2)
    sinatra (1.1.2)
      rack (~> 1.1)
      tilt (~> 1.2)
    subdomain-fu (0.5.4)
    text-hyphen (1.0.0)
    text-reform (0.2.0)
      text-hyphen (~> 1.0.0)
    thor (0.14.6)
    tilt (1.2.2)
    tlsmail (0.0.1)
    tmail (1.2.7.1)
    twitter (1.1.1)
      faraday (~> 0.5.4)
      faraday_middleware (~> 0.3.1)
      hashie (~> 0.4.0)
      multi_json (~> 0.0.5)
      multi_xml (~> 0.2.0)
      simple_oauth (~> 0.1.3)
    tzinfo (0.3.24)
    unicorn (3.3.1)
      kgio (~> 2.1)
      rack
    vegas (0.1.8)
      rack (>= 1.0.0)
    yajl-ruby (0.7.9)

PLATFORMS
  ruby

DEPENDENCIES
  BlueCloth
  SystemTimer
  ZenTest
  aasm
  acts-as-list
  acts-as-taggable-on
  authlogic
  authlogic_oauth2
  autotest-rails
  cancan
  capistrano
  capistrano-ext
  compass (= 0.11.beta.1)
  database_cleaner
  eventfulapi
  exceptional
  factory_girl
  forgery
  formtastic
  friendly_id
  glebm-geokit
  god
  haml (= 3.1.0.alpha.147)
  httparty
  json
  mcbean
  mongrel
  nested_layouts
  oauth2
  outside-in
  paperclip
  pg
  rMeetup
  rails (= 2.3.9)
  redis
  redis-namespace
  resque
  resque-exceptional
  resque-scheduler
  resque_mailer
  rr
  rspec (~> 1.3)
  rspec-rails (~> 1.3)
  simple_uuid
  subdomain-fu
  text-reform
  thor
  tlsmail
  tmail
  twitter
  unicorn
  yajl-ruby
